GEM
  remote: https://rubygems.org/
  specs:
    as-notifications (1.0.1)
    i18n (0.6.9)
    multi_json (1.8.2)
    puma (2.7.1)
      rack (>= 1.1, < 2.0)
    rack (1.5.2)
    rake (10.1.0)
    webmachine (1.2.1)
      as-notifications (~> 1.0)
      i18n (>= 0.4.0)
      multi_json

PLATFORMS
  ruby

DEPENDENCIES
  puma
  rake
  webmachine
